PATH
  remote: .
  specs:
    postgis_adapter (0.9.4)
      nofxx-georuby
      pg

GEM
  specs:
    json_pure (1.5.3)
    nofxx-georuby (1.9.0)
      json_pure (>= 1.4.6)
    pg (0.14.0)

PLATFORMS
  java
  ruby

DEPENDENCIES
  postgis_adapter!
